GEM
  remote: https://rubygems.org/
  specs:
    colorize (0.8.1)
    pg (1.2.3)
    rake (13.0.6)

PLATFORMS
  ruby

DEPENDENCIES
  colorize
  pg (= 1.2.3)
  rake

BUNDLED WITH
   1.17.2
