GEM
  remote: https://rubygems.org/
  specs:
    pg (1.2.3)

PLATFORMS
  ruby

DEPENDENCIES
  pg (= 1.2.3)

BUNDLED WITH
   1.17.2
